PATH
  remote: .
  specs:
    phonelib (0.8.8)

GEM
  remote: http://rubygems.org/
  specs:
    benchmark-ips (2.12.0)
    benchmark-memory (0.2.0)
      memory_profiler (~> 1)
    codeclimate-test-reporter (1.0.9)
      simplecov (<= 0.13)
    coderay (1.1.3)
    diff-lcs (1.5.1)
    docile (1.1.5)
    json (2.3.1)
    memory_profiler (1.0.1)
    method_source (1.1.0)
    mini_portile2 (2.8.4)
    nokogiri (1.15.4)
      mini_portile2 (~> 2.8.2)
      racc (~> 1.4)
    pry (0.14.2)
      coderay (~> 1.1)
      method_source (~> 1.0)
    pry-nav (1.0.0)
      pry (>= 0.9.10, < 0.15)
    racc (1.7.1)
    rack (3.0.7)
    rack-cache (1.2)
      rack (>= 0.4)
    rake (13.0.1)
    rspec (3.13.0)
      rspec-core (~> 3.13.0)
      rspec-expectations (~> 3.13.0)
      rspec-mocks (~> 3.13.0)
    rspec-core (3.13.0)
      rspec-support (~> 3.13.0)
    rspec-expectations (3.13.0)
      diff-lcs (>= 1.2.0, < 2.0)
      rspec-support (~> 3.13.0)
    rspec-mocks (3.13.1)
      diff-lcs (>= 1.2.0, < 2.0)
      rspec-support (~> 3.13.0)
    rspec-support (3.13.1)
    simplecov (0.13.0)
      docile (~> 1.1.0)
      json (>= 1.8, < 3)
      simplecov-html (~> 0.10.0)
    simplecov-html (0.10.2)

PLATFORMS
  ruby

DEPENDENCIES
  benchmark-ips
  benchmark-memory
  codeclimate-test-reporter (~> 1.0.9)
  json (= 2.3.1)
  nokogiri (~> 1.15)
  phonelib!
  pry
  pry-nav
  rack-cache (= 1.2)
  rake (< 14.0)
  rspec (~> 3.13)
  simplecov

BUNDLED WITH
   2.5.10
